GIT
  remote: https://github.com/jekyll/jekyll-archives.git
  revision: 112c508031acf3cf1d9024b005f99b2752133769
  ref: 112c508
  specs:
    jekyll-archives (2.1.0)
      jekyll (>= 2.4)

GEM
  remote: https://rubygems.org/
  specs:
    accesslint-ci (0.2.8)
      rest-client (~> 2.0)
      thor (~> 0.19)
    activesupport (5.2.1)
      concurrent-ruby (~> 1.0, >= 1.0.2)
      i18n (>= 0.7, < 2)
      minitest (~> 5.1)
      tzinfo (~> 1.1)
    addressable (2.5.2)
      public_suffix (>= 2.0.2, < 4.0)
    archive-zip (0.7.0)
      io-like (~> 0.3.0)
    capybara (2.12.1)
      addressable
      mime-types (>= 1.16)
      nokogiri (>= 1.3.3)
      rack (>= 1.0.0)
      rack-test (>= 0.5.4)
      xpath (~> 2.0)
    childprocess (0.9.0)
      ffi (~> 1.0, >= 1.0.11)
    chromedriver-helper (1.0.0)
      archive-zip (~> 0.7.0)
      nokogiri (~> 1.6)
    codeclimate-test-reporter (1.0.6)
      simplecov
    coderay (1.1.1)
    colorator (1.1.0)
    colored (1.2)
    colorize (0.8.1)
    concurrent-ruby (1.0.5)
    diff-lcs (1.3)
    docile (1.1.5)
    domain_name (0.5.20170223)
      unf (>= 0.0.5, < 1.0.0)
    ethon (0.11.0)
      ffi (>= 1.3.0)
    ffi (1.9.25)
    forwardable-extended (2.6.0)
    gemoji (3.0.0)
    html-pipeline (2.8.4)
      activesupport (>= 2)
      nokogiri (>= 1.4)
    html-proofer (3.6.0)
      activesupport (>= 4.2, < 6.0)
      addressable (~> 2.3)
      colored (~> 1.2)
      mercenary (~> 0.3.2)
      nokogiri (~> 1.5)
      parallel (~> 1.3)
      typhoeus (~> 0.7)
      yell (~> 2.0)
    htmlentities (4.3.4)
    http-cookie (1.0.3)
      domain_name (~> 0.5)
    i18n (1.1.0)
      concurrent-ruby (~> 1.0)
    io-like (0.3.0)
    jekyll (3.3.1)
      addressable (~> 2.4)
      colorator (~> 1.0)
      jekyll-sass-converter (~> 1.0)
      jekyll-watch (~> 1.1)
      kramdown (~> 1.3)
      liquid (~> 3.0)
      mercenary (~> 0.3.3)
      pathutil (~> 0.9)
      rouge (~> 1.7)
      safe_yaml (~> 1.0)
    jekyll-feed (0.10.0)
      jekyll (~> 3.3)
    jekyll-paginate (1.1.0)
    jekyll...