GIT
  remote: https://github.com/jekyll/jekyll-archives.git
  revision: 8abff7701aa204f979ea588aa61f667923f9befd
  specs:
    jekyll-archives (2.1.0)
      jekyll (>= 2.4)

GEM
  remote: https://rubygems.org/
  specs:
    activesupport (4.2.4)
      i18n (~> 0.7)
      json (~> 1.7, >= 1.7.7)
      minitest (~> 5.1)
      thread_safe (~> 0.3, >= 0.3.4)
      tzinfo (~> 1.1)
    addressable (2.3.8)
    coderay (1.1.0)
    colorator (0.1)
    colored (1.2)
    ethon (0.7.4)
      ffi (>= 1.3.0)
    ffi (1.9.10)
    gemoji (2.1.0)
    html-pipeline (2.2.2)
      activesupport (>= 2, < 5)
      nokogiri (>= 1.4)
    html-proofer (2.5.1)
      addressable (~> 2.3)
      colored (~> 1.2)
      mercenary (~> 0.3.2)
      nokogiri (~> 1.5)
      parallel (~> 1.3)
      typhoeus (~> 0.7)
      yell (~> 2.0)
    htmlentities (4.3.3)
    i18n (0.7.0)
    jekyll (3.0.1)
      colorator (~> 0.1)
      jekyll-sass-converter (~> 1.0)
      jekyll-watch (~> 1.1)
      kramdown (~> 1.3)
      liquid (~> 3.0)
      mercenary (~> 0.3.3)
      rouge (~> 1.7)
      safe_yaml (~> 1.0)
    jekyll-feed (0.3.1)
    jekyll-paginate (1.1.0)
    jekyll-redirect-from (0.9.0)
      jekyll (>= 2.0)
    jekyll-sass-converter (1.3.0)
      sass (~> 3.2)
    jekyll-sitemap (0.8.1)
    jekyll-watch (1.3.0)
      listen (~> 3.0)
    jekyll_frontmatter_tests (0.0.6)
      jekyll (>= 2.0, < 4.0)
    jekyll_pages_api (0.1.3)
      htmlentities (~> 4.3)
      jekyll (>= 2.0, < 4.0)
    jemoji (0.5.1)
      gemoji (~> 2.0)
      html-pipeline (~> 2.2)
      jekyll (>= 2.0)
    json (1.8.3)
    kramdown (1.9.0)
    liquid (3.0.6)
    listen (3.0.5)
      rb-fsevent (>= 0.9.3)
      rb-inotify (>= 0.9)
    mercenary (0.3.5)
    method_source (0.8.2)
    mini_portile (0.6.2)
    minitest (5.8.2)
    nokogiri (1.6.6.2)
      mini_portile (~> 0.6.0)
    parallel (1.6.1)
    pry (0.10.1)
      coderay (~> 1.1.0)
      method_source (~> 0.8.1)
      slop (~> 3.4)
    rb-fsevent (0.9.6)
    rb-inotify (0.9.5)
      ffi (>= 0.5.0)
    redcarpet (3.2.3)
    rouge (1.10.1)
    safe_yaml (1.0.4)
    sass (3.4.19)
    slop (3.6.0)
    thread_safe (0.3.5)
    typhoeus (0.7.3)
      ethon (>= 0.7.4)
    tzinfo (1.2.2)
      thread_safe (~> 0.1)
    yell (2.0.5)

PLATFORMS
  ruby

DEPENDENCIES
  html-proofer
  jekyll (= 3.0.1)
  jekyll-archives!
  jekyll-feed
  jekyll-paginate
  jekyll-redirect-from (~> 0.9)
  jekyll-sitemap
  jekyll_frontmatter_tests
  jekyll_pages_api
  jemoji
  pry
  redcarpet (= 3.2.3)

BUNDLED WITH
   1.10.6
