GEM
  remote: https://rubygems.org/
  specs:
    accesslint-ci (0.2.8)
      rest-client (~> 2.0)
      thor (~> 0.19)
    activesupport (6.1.1)
      concurrent-ruby (~> 1.0, >= 1.0.2)
      i18n (>= 1.6, < 2)
      minitest (>= 5.1)
      tzinfo (~> 2.0)
      zeitwerk (~> 2.3)
    addressable (2.7.0)
      public_suffix (>= 2.0.2, < 5.0)
    autoprefixer-rails (9.8.6.5)
      execjs
    codeclimate-test-reporter (1.0.9)
      simplecov (<= 0.13)
    coderay (1.1.3)
    colorator (1.1.0)
    colorize (0.8.1)
    concurrent-ruby (1.1.8)
    diff-lcs (1.4.4)
    docile (1.1.5)
    domain_name (0.5.20190701)
      unf (>= 0.0.5, < 1.0.0)
    em-websocket (0.5.2)
      eventmachine (>= 0.12.9)
      http_parser.rb (~> 0.6.0)
    ethon (0.12.0)
      ffi (>= 1.3.0)
    eventmachine (1.2.7)
    execjs (2.7.0)
    ffi (1.14.2)
    forwardable-extended (2.6.0)
    gemoji (3.0.1)
    html-pipeline (2.14.0)
      activesupport (>= 2)
      nokogiri (>= 1.4)
    html-proofer (3.17.4)
      addressable (~> 2.3)
      mercenary (~> 0.3)
      nokogumbo (~> 2.0)
      parallel (~> 1.3)
      rainbow (~> 3.0)
      typhoeus (~> 1.3)
      yell (~> 2.0)
    http-accept (1.7.0)
    http-cookie (1.0.3)
      domain_name (~> 0.5)
    http_parser.rb (0.6.0)
    i18n (1.8.8)
      concurrent-ruby (~> 1.0)
    jekyll (4.2.0)
      addressable (~> 2.4)
      colorator (~> 1.0)
      em-websocket (~> 0.5)
      i18n (~> 1.0)
      jekyll-sass-converter (~> 2.0)
      jekyll-watch (~> 2.0)
      kramdown (~> 2.3)
      kramdown-parser-gfm (~> 1.0)
      liquid (~> 4.0)
      mercenary (~> 0.4.0)
      pathutil (~> 0.9)
      rouge (~> 3.0)
      safe_yaml (~> 1.0)
      terminal-table (~> 2.0)
    jekyll-archives (2.2.1)
      jekyll (>= 3.6, < 5.0)
    jekyll-autoprefixer (1.0.2)
      autoprefixer-rails (~> 9.3)
    jekyll-feed (0.15.1)
      jekyll (>= 3.7, < 5.0)
    jekyll-paginate (1.1.0)
    jekyll-redirect-from (0.16.0)
      jekyll (>= 3.3, < 5.0)
    jekyll-sass-converter (2.1.0)
      sassc (> 2.0.1, < 3.0)
    jekyll-seo-tag (2.7.1)
      jekyll (>= 3.8, < 5.0)
    jekyll-sitemap (1.4.0)
      jekyll (>= 3.7, < 5.0)
    jekyll-watch (2.2.1)
      listen (~> 3.0)
    jemoji (0.12.0)
      gemoji (~> 3.0)
      html-pipeline (~> 2.2)
      jekyll (>= 3.0, < 5.0)
    json (2.5.1)
    kramdown (2.3.0)
      rexml
    kramdown-parser-gfm (1.1.0)
      kramdown (~> 2.0)
    libv8 (8.4.255.0-x86_64-darwin-19)
    liquid (4.0.3)
    listen (3.4.1)
      rb-fsevent (~> 0.10, >= 0.10.3)
      rb-inotify (~> 0.9, >= 0.9.10)
    mercenary (0.4.0)
    method_source (1.0.0)
    mime-types (3.3.1)
      mime-types-data (~> 3.2015)
    mime-types-data (3.2020.1104)
    mini_racer (0.3.1)
      libv8 (~> 8.4.255)
    minitest (5.14.3)
    netrc (0.11.0)
    nokogiri (1.11.1-x86_64-darwin)
      racc (~> 1.4)
    nokogumbo (2.0.4)
      nokogiri (~> 1.8, >= 1.8.4)
    parallel (1.20.1)
    pathutil (0.16.2)
      forwardable-extended (~> 2.6)
    pry (0.14.0)
      coderay (~> 1.1)
      method_source (~> 1.0)
    public_suffix (4.0.6)
    racc (1.5.2)
    rainbow (3.0.0)
    rb-fsevent (0.10.4)
    rb-inotify (0.10.1)
      ffi (~> 1.0)
    rb-readline (0.5.5)
    rest-client (2.1.0)
      http-accept (>= 1.7.0, < 2.0)
      http-cookie (>= 1.0.2, < 2.0)
      mime-types (>= 1.16, < 4.0)
      netrc (~> 0.8)
    rexml (3.2.4)
    rouge (3.26.0)
    rspec (3.10.0)
      rspec-core (~> 3.10.0)
      rspec-expectations (~> 3.10.0)
      rspec-mocks (~> 3.10.0)
    rspec-core (3.10.1)
      rspec-support (~> 3.10.0)
    rspec-expectations (3.10.1)
      diff-lcs (>= 1.2.0, < 2.0)
      rspec-support (~> 3.10.0)
    rspec-mocks (3.10.2)
      diff-lcs (>= 1.2.0, < 2.0)
      rspec-support (~> 3.10.0)
    rspec-support (3.10.2)
    ruby-oembed (0.15.0)
    safe_yaml (1.0.5)
    sassc (2.4.0)
      ffi (~> 1.9)
    simplecov (0.13.0)
      docile (~> 1.1.0)
      json (>= 1.8, < 3)
      simplecov-html (~> 0.10.0)
    simplecov-html (0.10.2)
    terminal-table (2.0.0)
      unicode-display_width (~> 1.1, >= 1.1.1)
    thor (0.20.3)
    typhoeus (1.4.0)
      ethon (>= 0.9.0)
    tzinfo (2.0.4)
      concurrent-ruby (~> 1.0)
    unf (0.1.4)
      unf_ext
    unf_ext (0.0.7.7)
    unicode-display_width (1.7.0)
    uswds-jekyll (5.3.0)
      jekyll (>= 4.0, < 5)
      jekyll-autoprefixer
      mini_racer
    yell (2.2.2)
    zeitwerk (2.4.2)

PLATFORMS
  ruby
  x86_64-darwin-19

DEPENDENCIES
  accesslint-ci (= 0.2.8)
  codeclimate-test-reporter (~> 1.0.0)
  colorize
  html-proofer (~> 3.17.2)
  jekyll (~> 4.2)
  jekyll-archives (~> 2.2)
  jekyll-feed
  jekyll-paginate
  jekyll-redirect-from
  jekyll-seo-tag
  jekyll-sitemap
  jemoji (>= 0.12.0)
  kramdown-parser-gfm
  nokogiri (>= 1.11.1)
  parallel
  pry
  rb-readline
  rspec
  ruby-oembed (= 0.15.0)
  simplecov
  uswds-jekyll

RUBY VERSION
   ruby 2.7.2p137

BUNDLED WITH
   2.2.9
